{
  "AcquisitionMatrixPE": 192,
  "AcquisitionNumber": 1,
  "AcquisitionTime": "10:03:21.712500",
  "BaseResolution": 256,
  "CoilCombinationMethod": "Adaptive Combine",
  "CoilString": "C:HEA;HEP",
  "ConversionSoftware": "dcm2niix",
  "ConversionSoftwareVersion": "v1.0.20220720",
  "DeviceSerialNumber": "35193",
  "DwellTime": 1.03e-05,
  "EchoTime": 0.00339,
  "FlipAngle": 7,
  "HeudiconvVersion": "1.1.6",
  "ImageOrientationPatientDICOM": [-0.0279216, 0.99961, -1.8602e-08, -0.0279108, -0.000779637, -0.99961],
  "ImageOrientationText": "Sag>Tra(1.6)>Cor(-1.6)",
  "ImageType": [
    "ORIGINAL",
    "PRIMARY",
    "M",
    "ND",
    "NORM"
],
  "ImagingFrequency": 123.254,
  "InPlanePhaseEncodingDirectionDICOM": "ROW",
  "InstitutionAddress": "Xinjiekouwai Street No 19,Beijing,Haidian District,CN,100875",
  "InstitutionName": "Beijing Normal Universtiy/4C3F54/",
  "InstitutionalDepartmentName": "Department",
  "InversionTime": 1.1,
  "MRAcquisitionType": "3D",
  "MagneticFieldStrength": 3,
  "Manufacturer": "Siemens",
  "ManufacturersModelName": "TrioTim",
  "MatrixCoilMode": "SENSE",
  "Modality": "MR",
  "NonlinearGradientCorrection": false,
  "PartialFourier": 1,
  "PatientPosition": "HFS",
  "PercentPhaseFOV": 100,
  "PercentSampling": 75,
  "PhaseEncodingSteps": 192,
  "PhaseResolution": 0.75,
  "PixelBandwidth": 190,
  "ProcedureStepDescription": "BNU_cst_2015^Guo.TaoMei",
  "ProtocolName": "t1_mprage_sag_144",
  "PulseSequenceDetails": "%SiemensSeq%\\tfl",
  "ReceiveCoilName": "HeadMatrix",
  "ReconMatrixPE": 256,
  "RepetitionTime": 2.53,
  "SAR": 0.0435443,
  "ScanOptions": "IR",
  "ScanningSequence": "GR\\IR",
  "SequenceName": "*tfl3d1_ns",
  "SequenceVariant": "SP\\MP",
  "SeriesDescription": "t1_mprage_sag_144",
  "SeriesNumber": 6,
  "ShimSetting": [-4496, -19282, -10204, 638, -140, 75, 97, -24],
  "SliceThickness": 1.33,
  "SoftwareVersions": "syngo MR B17",
  "StationName": "MRC35193",
  "TxRefAmp": 348.955,
  "dcmmeta_affine": [
    [1.3289631605148315, -0.0279216468334198, -0.027910759672522545, -83.88212585449219],
    [0.03712131083011627, 0.9996101260185242, -0.0007796369609422982, -124.09595489501953],
    [0.03713579103350639, 1.8601992834987868e-08, 0.9996101260185242, -145.12376403808594],
    [0.0, 0.0, 0.0, 1.0]
],
  "dcmmeta_reorient_transform": [
    [0.0, 0.0, -1.0, 255.0],
    [0.0, -1.0, 0.0, 255.0],
    [-1.0, 0.0, 0.0, 143.0],
    [0.0, 0.0, 0.0, 1.0]
],
  "dcmmeta_shape": [144, 256, 256],
  "dcmmeta_slice_dim": 0,
  "dcmmeta_version": 0.6,
  "global": {
    "const": {
      "AcquisitionMatrix": [0, 256, 192, 0],
      "AcquisitionNumber": 1,
      "AcquisitionTime": "100321.712500",
      "AngioFlag": "N",
      "BitsAllocated": 16,
      "BitsStored": 12,
      "Columns": 256,
      "EchoNumbers": 1,
      "EchoTime": 3.39,
      "EchoTrainLength": 1,
      "FlipAngle": 7.0,
      "HighBit": 11,
      "ImageOrientationPatient": [-0.0279216465207, 0.99961011482256, -1.86019921e-08, -0.0279107597654, -0.0007796369319, -0.9996101148226],
      "ImageType": [
        "ORIGINAL",
        "PRIMARY",
        "M",
        "ND",
        "NORM"
],
      "ImagedNucleus": "1H",
      "ImagingFrequency": 123.253686,
      "InPlanePhaseEncodingDirection": "ROW",
      "InversionTime": 1100.0,
      "MRAcquisitionType": "3D",
      "MagneticFieldStrength": 3.0,
      "Manufacturer": "SIEMENS",
      "ManufacturerModelName": "TrioTim",
      "Modality": "MR",
      "NumberOfAverages": 1.0,
      "NumberOfPhaseEncodingSteps": 192,
      "PercentPhaseFieldOfView": 100.0,
      "PercentSampling": 75.0,
      "PerformedProcedureStepStartTime": "093557.093000",
      "PhotometricInterpretation": "MONOCHROME2",
      "PixelBandwidth": 190.0,
      "PixelRepresentation": 0,
      "PixelSpacing": [1.0, 1.0],
      "ProtocolName": "t1_mprage_sag_144",
      "RepetitionTime": 2530.0,
      "Rows": 256,
      "SAR": 0.04354431569675,
      "SamplesPerPixel": 1,
      "ScanOptions": "IR",
      "ScanningSequence": [
        "GR",
        "IR"
],
      "SequenceName": "*tfl3d1_ns",
      "SequenceVariant": [
        "SP",
        "MP"
],
      "SeriesDescription": "t1_mprage_sag_144",
      "SeriesNumber": 6,
      "SeriesTime": "101127.937000",
      "SliceThickness": 1.3300000429153,
      "SmallestImagePixelValue": 0,
      "SoftwareVersions": "syngo MR B17",
      "SpecificCharacterSet": "ISO_IR 100",
      "StudyID": "1",
      "StudyTime": "093557.046000",
      "TransmitCoilName": "Body",
      "VariableFlipAngleFlag": "N",
      "WindowCenterWidthExplanation": "Algo1",
      "dBdt": 0.0},
