{
  "AcquisitionMatrixPE": 192,
  "AcquisitionNumber": 1,
  "AcquisitionTime": "09:59:9.480000",
  "BaseResolution": 256,
  "CoilCombinationMethod": "Adaptive Combine",
  "CoilString": "C:HEA;HEP",
  "ConversionSoftware": "dcm2niix",
  "ConversionSoftwareVersion": "v1.0.20220720",
  "DeviceSerialNumber": "35193",
  "DwellTime": 1.03e-05,
  "EchoTime": 0.00339,
  "FlipAngle": 7,
  "HeudiconvVersion": "1.1.6",
  "ImageOrientationPatientDICOM": [-0.0139622, 0.999903, -5.83619e-09, -0.0906238, -0.00126544, -0.995884],
  "ImageOrientationText": "Sag>Tra(5.2)>Cor(-0.8)",
  "ImageType": [
    "ORIGINAL",
    "PRIMARY",
    "M",
    "ND",
    "NORM"
],
  "ImagingFrequency": 123.254,
  "InPlanePhaseEncodingDirectionDICOM": "ROW",
  "InstitutionAddress": "Xinjiekouwai Street No 19,Beijing,Haidian District,CN,100875",
  "InstitutionName": "BNU MRI Center",
  "InstitutionalDepartmentName": "Department",
  "InversionTime": 1.1,
  "MRAcquisitionType": "3D",
  "MagneticFieldStrength": 3,
  "Manufacturer": "Siemens",
  "ManufacturersModelName": "TrioTim",
  "MatrixCoilMode": "SENSE",
  "Modality": "MR",
  "NonlinearGradientCorrection": false,
  "PartialFourier": 1,
  "PatientPosition": "HFS",
  "PercentPhaseFOV": 100,
  "PercentSampling": 75,
  "PhaseEncodingSteps": 192,
  "PhaseResolution": 0.75,
  "PixelBandwidth": 190,
  "ProcedureStepDescription": "BNU_cst_2015^Guo.TaoMei",
  "ProtocolName": "t1_mprage_sag_144",
  "PulseSequenceDetails": "%SiemensSeq%\\tfl",
  "ReceiveCoilName": "HeadMatrix",
  "ReconMatrixPE": 256,
  "RepetitionTime": 2.53,
  "SAR": 0.0540164,
  "ScanOptions": "IR",
  "ScanningSequence": "GR\\IR",
  "SequenceName": "*tfl3d1_ns",
  "SequenceVariant": "SP\\MP",
  "SeriesDescription": "t1_mprage_sag_144",
  "SeriesNumber": 6,
  "ShimSetting": [-4491, -19280, -10212, 636, -138, 75, 93, -25],
  "SliceThickness": 1.33,
  "SoftwareVersions": "syngo MR B17",
  "StationName": "MRC35193",
  "TxRefAmp": 315.009,
  "dcmmeta_affine": [
    [1.3243972063064575, -0.01396220549941063, -0.09062375873327255, -78.71295928955078],
    [0.018493307754397392, 0.9999025464057922, -0.0012654367601498961, -121.43476867675781],
    [0.12054135650396347, 5.8361919741400925e-09, 0.9958844184875488, -109.45747375488281],
    [0.0, 0.0, 0.0, 1.0]
],
  "dcmmeta_reorient_transform": [
    [0.0, 0.0, -1.0, 255.0],
    [0.0, -1.0, 0.0, 255.0],
    [-1.0, 0.0, 0.0, 143.0],
    [0.0, 0.0, 0.0, 1.0]
],
  "dcmmeta_shape": [144, 256, 256],
  "dcmmeta_slice_dim": 0,
  "dcmmeta_version": 0.6,
  "global": {
    "const": {
      "AcquisitionMatrix": [0, 256, 192, 0],
      "AcquisitionNumber": 1,
      "AcquisitionTime": "095909.480000",
      "AngioFlag": "N",
      "BitsAllocated": 16,
      "BitsStored": 12,
      "Columns": 256,
      "EchoNumbers": 1,
      "EchoTime": 3.39,
      "EchoTrainLength": 1,
      "FlipAngle": 7.0,
      "HighBit": 11,
      "ImageOrientationPatient": [-0.0139622056766, 0.9999025236555, -5.8361919e-09, -0.0906237621677, -0.0012654367689, -0.9958843971066],
      "ImageType": [
        "ORIGINAL",
        "PRIMARY",
        "M",
        "ND",
        "NORM"
],
      "ImagedNucleus": "1H",
      "ImagingFrequency": 123.253679,
      "InPlanePhaseEncodingDirection": "ROW",
      "InversionTime": 1100.0,
      "MRAcquisitionType": "3D",
      "MagneticFieldStrength": 3.0,
      "Manufacturer": "SIEMENS",
      "ManufacturerModelName": "TrioTim",
      "Modality": "MR",
      "NumberOfAverages": 1.0,
      "NumberOfPhaseEncodingSteps": 192,
      "PercentPhaseFieldOfView": 100.0,
      "PercentSampling": 75.0,
      "PerformedProcedureStepStartTime": "093134.953000",
      "PhotometricInterpretation": "MONOCHROME2",
      "PixelBandwidth": 190.0,
      "PixelRepresentation": 0,
      "PixelSpacing": [1.0, 1.0],
      "ProtocolName": "t1_mprage_sag_144",
      "RepetitionTime": 2530.0,
      "Rows": 256,
      "SAR": 0.05401636200471,
      "SamplesPerPixel": 1,
      "ScanOptions": "IR",
      "ScanningSequence": [
        "GR",
        "IR"
],
      "SequenceName": "*tfl3d1_ns",
      "SequenceVariant": [
        "SP",
        "MP"
],
      "SeriesDescription": "t1_mprage_sag_144",
      "SeriesNumber": 6,
      "SeriesTime": "100715.531000",
      "SliceThickness": 1.3300000429153,
      "SmallestImagePixelValue": 0,
      "SoftwareVersions": "syngo MR B17",
      "SpecificCharacterSet": "ISO_IR 100",
      "StudyID": "1",
      "StudyTime": "093134.875000",
      "TransmitCoilName": "Body",
      "VariableFlipAngleFlag": "N",
      "WindowCenterWidthExplanation": "Algo1",
      "dBdt": 0.0},
