{
  "AcquisitionMatrixPE": 64,
  "AcquisitionNumber": 1,
  "AcquisitionTime": "10:31:7.717500",
  "BandwidthPerPixelPhaseEncode": 33.967,
  "BaseResolution": 64,
  "CoilCombinationMethod": "Sum of Squares",
  "CoilString": "C:HEA;HEP",
  "ConversionSoftware": "dcm2niix",
  "ConversionSoftwareVersion": "v1.0.20220720",
  "DerivedVendorReportedEchoSpacing": 0.000460005,
  "DeviceSerialNumber": "35193",
  "DwellTime": 3.1e-06,
  "EchoTime": 0.03,
  "EffectiveEchoSpacing": 0.000460005,
  "FlipAngle": 90,
  "HeudiconvVersion": "1.1.6",
  "ImageOrientationPatientDICOM": [0.999144, 0.0191974, -0.036637, -0.0191846, 0.999816, 0.000703467],
  "ImageOrientationText": "Tra>Sag(-2.1)",
  "ImageType": [
    "ORIGINAL",
    "PRIMARY",
    "M",
    "ND",
    "MOSAIC"
],
  "ImagingFrequency": 123.254,
  "InPlanePhaseEncodingDirectionDICOM": "COL",
  "InstitutionAddress": "Xinjiekouwai Street No 19,Beijing,Haidian District,CN,100875",
  "InstitutionName": "BNU MRI Center",
  "InstitutionalDepartmentName": "Department",
  "MRAcquisitionType": "2D",
  "MagneticFieldStrength": 3,
  "Manufacturer": "Siemens",
  "ManufacturersModelName": "TrioTim",
  "MatrixCoilMode": "SENSE",
  "Modality": "MR",
  "NonlinearGradientCorrection": false,
  "PartialFourier": 1,
  "PatientPosition": "HFS",
  "PercentPhaseFOV": 100,
  "PercentSampling": 100,
  "PhaseEncodingDirection": "j-",
  "PhaseEncodingSteps": 64,
  "PhaseResolution": 1,
  "PixelBandwidth": 2520,
  "ProcedureStepDescription": "BNU_cst_2015^Guo.TaoMei",
  "ProtocolName": "ge_func_3x3x4_164",
  "PulseSequenceDetails": "%SiemensSeq%\\ep2d_bold",
  "ReceiveCoilName": "HeadMatrix",
  "ReconMatrixPE": 64,
  "RepetitionTime": 2,
  "SAR": 0.141231,
  "ScanOptions": "FS",
  "ScanningSequence": "EP",
  "SequenceName": "*epfid2d1_64",
  "SequenceVariant": "SK",
  "SeriesDescription": "ge_func_3x3x4_164",
  "SeriesNumber": 2,
  "ShimSetting": [-4533, -19336, -9808, 1059, -210, -301, 226, 60],
  "SliceThickness": 4,
  "SliceTiming": [0, 1.035, 0.06, 1.095, 0.1225, 1.155, 0.1825, 1.2175, 0.2425, 1.2775, 0.305, 1.3375, 0.365, 1.4, 0.425, 1.46, 0.4875, 1.52, 0.5475, 1.5825, 0.6075, 1.6425, 0.67, 1.7025, 0.73, 1.765, 0.79, 1.825, 0.8525, 1.885, 0.9125, 1.9475, 0.9725],
  "SoftwareVersions": "syngo MR B17",
  "SpacingBetweenSlices": 4.6,
  "StationName": "MRC35193",
  "TaskName": "LanguageControl",
  "TotalReadoutTime": 0.0289803,
  "TxRefAmp": 366.186,
  "dcmmeta_affine": [
    [-3.1223256587982178, -0.05995173007249832, -0.16856105625629425, 109.86749267578125],
    [-0.059992022812366486, 3.1244242191314697, 3.904951029198855e-09, -82.7928237915039],
    [-0.11449048668146133, -0.0021983329206705093, 4.59691047668457, -59.02354431152344],
    [0.0, 0.0, 0.0, 1.0]
],
  "dcmmeta_reorient_transform": [
    [0.0, -1.0, 0.0, 63.0],
    [1.0, 0.0, 0.0, 0.0],
    [0.0, 0.0, 1.0, 0.0],
    [0.0, 0.0, 0.0, 1.0]
],
  "dcmmeta_shape": [64, 64, 33, 164],
  "dcmmeta_slice_dim": 2,
  "dcmmeta_version": 0.6,
  "global": {
    "const": {
      "AcquisitionMatrix": [64, 0, 0, 64],
      "AngioFlag": "N",
      "BitsAllocated": 16,
      "BitsStored": 12,
      "Columns": 384,
      "EchoNumbers": 1,
      "EchoTime": 30.0,
      "EchoTrainLength": 1,
      "FlipAngle": 90.0,
      "HighBit": 11,
      "ImageOrientationPatient": [0.99914422954761, 0.0191974472962, -0.0366369564649, -0.0191845541395, 0.99981571202763, 0.00070346652958],
      "ImagePositionPatient": [-596.07037254374, -623.55247357434, -41.195296206013],
      "ImageType": [
        "ORIGINAL",
        "PRIMARY",
        "M",
        "ND",
        "MOSAIC"
],
      "ImagedNucleus": "1H",
      "ImagingFrequency": 123.253656,
      "InPlanePhaseEncodingDirection": "COL",
      "MRAcquisitionType": "2D",
      "MagneticFieldStrength": 3.0,
      "Manufacturer": "SIEMENS",
      "ManufacturerModelName": "TrioTim",
      "Modality": "MR",
      "NumberOfAverages": 1.0,
      "NumberOfPhaseEncodingSteps": 64,
      "PercentPhaseFieldOfView": 100.0,
      "PercentSampling": 100.0,
      "PerformedProcedureStepStartTime": "102823.640000",
      "PhotometricInterpretation": "MONOCHROME2",
      "PixelBandwidth": 2520.0,
      "PixelRepresentation": 0,
      "PixelSpacing": [3.125, 3.125],
      "ProtocolName": "ge_func_3x3x4_164",
      "RepetitionTime": 2000.0,
      "Rows": 384,
      "SAR": 0.14123116680224,
      "SamplesPerPixel": 1,
      "ScanOptions": "FS",
      "ScanningSequence": "EP",
      "SequenceName": "*epfid2d1_64",
      "SequenceVariant": "SK",
      "SeriesDescription": "ge_func_3x3x4_164",
      "SeriesNumber": 2,
      "SeriesTime": "103208.468000",
      "SliceLocation": -63.009858217132,
      "SliceThickness": 4.0,
      "SmallestImagePixelValue": 0,
      "SoftwareVersions": "syngo MR B17",
      "SpacingBetweenSlices": 4.5999999843834,
      "SpecificCharacterSet": "ISO_IR 100",
      "StudyID": "1",
      "StudyTime": "102822.875000",
      "TransmitCoilName": "Body",
      "VariableFlipAngleFlag": "N",
      "WindowCenterWidthExplanation": "Algo1",
      "dBdt": 0.0},
