{
  "AcquisitionMatrixPE": 64,
  "AcquisitionNumber": 1,
  "AcquisitionTime": "11:34:23.952500",
  "BandwidthPerPixelPhaseEncode": 33.967,
  "BaseResolution": 64,
  "CoilCombinationMethod": "Sum of Squares",
  "CoilString": "C:HEA;HEP",
  "ConversionSoftware": "dcm2niix",
  "ConversionSoftwareVersion": "v1.0.20220720",
  "DerivedVendorReportedEchoSpacing": 0.000460005,
  "DeviceSerialNumber": "35193",
  "DwellTime": 3.1e-06,
  "EchoTime": 0.03,
  "EffectiveEchoSpacing": 0.000460005,
  "FlipAngle": 90,
  "HeudiconvVersion": "1.1.6",
  "ImageOrientationPatientDICOM": [0.999507, 0, -0.0314108, 0, 1, 0],
  "ImageOrientationText": "Tra>Sag(-1.8)",
  "ImageType": [
    "ORIGINAL",
    "PRIMARY",
    "M",
    "ND",
    "MOSAIC"
],
  "ImagingFrequency": 123.254,
  "InPlanePhaseEncodingDirectionDICOM": "COL",
  "InstitutionAddress": "Xinjiekouwai Street No 19,Beijing,Haidian District,CN,100875",
  "InstitutionName": "Beijing Normal Universtiy/577BC4/",
  "InstitutionalDepartmentName": "Department",
  "MRAcquisitionType": "2D",
  "MagneticFieldStrength": 3,
  "Manufacturer": "Siemens",
  "ManufacturersModelName": "TrioTim",
  "MatrixCoilMode": "SENSE",
  "Modality": "MR",
  "NonlinearGradientCorrection": false,
  "PartialFourier": 1,
  "PatientPosition": "HFS",
  "PercentPhaseFOV": 100,
  "PercentSampling": 100,
  "PhaseEncodingDirection": "j-",
  "PhaseEncodingSteps": 64,
  "PhaseResolution": 1,
  "PixelBandwidth": 2520,
  "ProcedureStepDescription": "BNU_cst_2015^Guo.TaoMei",
  "ProtocolName": "ge_func_3x3x4_164",
  "PulseSequenceDetails": "%SiemensSeq%\\ep2d_bold",
  "ReceiveCoilName": "HeadMatrix",
  "ReconMatrixPE": 64,
  "RepetitionTime": 2,
  "SAR": 0.141929,
  "ScanOptions": "FS",
  "ScanningSequence": "EP",
  "SequenceName": "*epfid2d1_64",
  "SequenceVariant": "SK",
  "SeriesDescription": "ge_func_3x3x4_164",
  "SeriesNumber": 2,
  "ShimSetting": [-4533, -19308, -9843, 958, -212, -381, 162, 28],
  "SliceThickness": 4,
  "SliceTiming": [0, 1.035, 0.06, 1.095, 0.1225, 1.155, 0.1825, 1.2175, 0.2425, 1.2775, 0.305, 1.3375, 0.365, 1.4, 0.425, 1.46, 0.4875, 1.52, 0.5475, 1.5825, 0.6075, 1.6425, 0.67, 1.7025, 0.73, 1.765, 0.79, 1.825, 0.8525, 1.885, 0.9125, 1.9475, 0.9725],
  "SoftwareVersions": "syngo MR B17",
  "SpacingBetweenSlices": 4.6,
  "StationName": "MRC35193",
  "TaskName": "CognitiveControl",
  "TotalReadoutTime": 0.0289803,
  "TxRefAmp": 360.9,
  "dcmmeta_affine": [
    [-3.123457908630371, 0.0, -0.14448949694633484, 110.35887145996094],
    [0.0, 3.125, 0.0, -94.17620849609375],
    [-0.09815862029790878, 0.0, 4.5977301597595215, -81.89248657226562],
    [0.0, 0.0, 0.0, 1.0]
],
  "dcmmeta_reorient_transform": [
    [0.0, -1.0, 0.0, 63.0],
    [1.0, 0.0, 0.0, 0.0],
    [0.0, 0.0, 1.0, 0.0],
    [0.0, 0.0, 0.0, 1.0]
],
  "dcmmeta_shape": [64, 64, 33, 164],
  "dcmmeta_slice_dim": 2,
  "dcmmeta_version": 0.6,
  "global": {
    "const": {
      "AcquisitionMatrix": [64, 0, 0, 64],
      "AngioFlag": "N",
      "BitsAllocated": 16,
      "BitsStored": 12,
      "Columns": 384,
      "EchoNumbers": 1,
      "EchoTime": 30.0,
      "EchoTrainLength": 1,
      "FlipAngle": 90.0,
      "HighBit": 11,
      "ImageOrientationPatient": [0.99950656036366, 0.0, -0.0314107591441, 0.0, 1.0, 0.0],
      "ImagePositionPatient": [-610.11215364831, -602.69879508018, -66.187106220075],
      "ImageType": [
        "ORIGINAL",
        "PRIMARY",
        "M",
        "ND",
        "MOSAIC"
],
      "ImagedNucleus": "1H",
      "ImagingFrequency": 123.253719,
      "InPlanePhaseEncodingDirection": "COL",
      "MRAcquisitionType": "2D",
      "MagneticFieldStrength": 3.0,
      "Manufacturer": "SIEMENS",
      "ManufacturerModelName": "TrioTim",
      "Modality": "MR",
      "NumberOfAverages": 1.0,
      "NumberOfPhaseEncodingSteps": 64,
      "PercentPhaseFieldOfView": 100.0,
      "PercentSampling": 100.0,
      "PerformedProcedureStepStartTime": "113213.171000",
      "PhotometricInterpretation": "MONOCHROME2",
      "PixelBandwidth": 2520.0,
      "PixelRepresentation": 0,
      "PixelSpacing": [3.125, 3.125],
      "ProtocolName": "ge_func_3x3x4_164",
      "RepetitionTime": 2000.0,
      "Rows": 384,
      "SAR": 0.14192898596021,
      "SamplesPerPixel": 1,
      "ScanOptions": "FS",
      "ScanningSequence": "EP",
      "SequenceName": "*epfid2d1_64",
      "SequenceVariant": "SK",
      "SeriesDescription": "ge_func_3x3x4_164",
      "SeriesNumber": 2,
      "SeriesTime": "113522.156000",
      "SliceLocation": -85.318532787595,
      "SliceThickness": 4.0,
      "SmallestImagePixelValue": 0,
      "SoftwareVersions": "syngo MR B17",
      "SpacingBetweenSlices": 4.5999999822489,
      "SpecificCharacterSet": "ISO_IR 100",
      "StudyID": "1",
      "StudyTime": "113212.390000",
      "TransmitCoilName": "Body",
      "VariableFlipAngleFlag": "N",
      "WindowCenterWidthExplanation": "Algo1",
      "dBdt": 0.0},
