{
  "AcquisitionMatrixPE": 64,
  "AcquisitionNumber": 1,
  "AcquisitionTime": "14:02:52.730000",
  "BandwidthPerPixelPhaseEncode": 33.967,
  "BaseResolution": 64,
  "CoilCombinationMethod": "Sum of Squares",
  "CoilString": "C:HEA;HEP",
  "ConversionSoftware": "dcm2niix",
  "ConversionSoftwareVersion": "v1.0.20220720",
  "DerivedVendorReportedEchoSpacing": 0.000460005,
  "DeviceSerialNumber": "35193",
  "DwellTime": 3.1e-06,
  "EchoTime": 0.03,
  "EffectiveEchoSpacing": 0.000460005,
  "FlipAngle": 90,
  "HeudiconvVersion": "1.1.6",
  "ImageOrientationPatientDICOM": [0.999109, -0.0209424, 0.0366357, 0.0209284, 0.999781, 0.000767409],
  "ImageOrientationText": "Tra>Sag(2.1)",
  "ImageType": [
    "ORIGINAL",
    "PRIMARY",
    "M",
    "ND",
    "MOSAIC"
],
  "ImagingFrequency": 123.254,
  "InPlanePhaseEncodingDirectionDICOM": "COL",
  "InstitutionAddress": "Xinjiekouwai Street No 19,Beijing,Haidian District,CN,100875",
  "InstitutionName": "Beijing Normal Universtiy/2773C4/",
  "InstitutionalDepartmentName": "Department",
  "MRAcquisitionType": "2D",
  "MagneticFieldStrength": 3,
  "Manufacturer": "Siemens",
  "ManufacturersModelName": "TrioTim",
  "MatrixCoilMode": "SENSE",
  "Modality": "MR",
  "NonlinearGradientCorrection": false,
  "PartialFourier": 1,
  "PatientPosition": "HFS",
  "PercentPhaseFOV": 100,
  "PercentSampling": 100,
  "PhaseEncodingDirection": "j-",
  "PhaseEncodingSteps": 64,
  "PhaseResolution": 1,
  "PixelBandwidth": 2520,
  "ProcedureStepDescription": "BNU_cst_2015^Guo.TaoMei",
  "ProtocolName": "ge_func_3x3x4_164",
  "PulseSequenceDetails": "%SiemensSeq%\\ep2d_bold",
  "ReceiveCoilName": "HeadMatrix",
  "ReconMatrixPE": 64,
  "RepetitionTime": 2,
  "SAR": 0.160676,
  "ScanOptions": "FS",
  "ScanningSequence": "EP",
  "SequenceName": "*epfid2d1_64",
  "SequenceVariant": "SK",
  "SeriesDescription": "ge_func_3x3x4_164",
  "SeriesNumber": 4,
  "ShimSetting": [-4478, -19516, -9815, 1273, -119, -574, -33, 1],
  "SliceThickness": 4,
  "SliceTiming": [0, 1.035, 0.06, 1.095, 0.1225, 1.155, 0.1825, 1.2175, 0.2425, 1.2775, 0.305, 1.3375, 0.365, 1.4, 0.425, 1.46, 0.4875, 1.52, 0.5475, 1.5825, 0.6075, 1.6425, 0.67, 1.7025, 0.73, 1.765, 0.79, 1.825, 0.8525, 1.885, 0.9125, 1.9475, 0.9725],
  "SoftwareVersions": "syngo MR B17",
  "SpacingBetweenSlices": 4.6,
  "StationName": "MRC35193",
  "TaskName": "LanguageControl",
  "TotalReadoutTime": 0.0289803,
  "TxRefAmp": 322.347,
  "dcmmeta_affine": [
    [-3.12221622467041, 0.06540117412805557, 0.16856105625629425, 95.18650817871094],
    [0.06544512510299683, 3.124314546585083, 3.2549738460119215e-09, -88.15281677246094],
    [0.11448647081851959, -0.0023981542326509953, 4.59691047668457, -63.64582061767578],
    [0.0, 0.0, 0.0, 1.0]
],
  "dcmmeta_reorient_transform": [
    [0.0, -1.0, 0.0, 63.0],
    [1.0, 0.0, 0.0, 0.0],
    [0.0, 0.0, 1.0, 0.0],
    [0.0, 0.0, 0.0, 1.0]
],
  "dcmmeta_shape": [64, 64, 33, 164],
  "dcmmeta_slice_dim": 2,
  "dcmmeta_version": 0.6,
  "global": {
    "const": {
      "AcquisitionMatrix": [64, 0, 0, 64],
      "AngioFlag": "N",
      "BitsAllocated": 16,
      "BitsStored": 12,
      "Columns": 384,
      "EchoNumbers": 1,
      "EchoTime": 30.0,
      "EchoTrainLength": 1,
      "FlipAngle": 90.0,
      "HighBit": 11,
      "ImageOrientationPatient": [0.9991092241627, -0.0209424397059, 0.0366356713079, 0.02092837460781, 0.99978068305962, 0.00076740935045],
      "ImagePositionPatient": [-609.3255823622, -598.09812633296, -82.498443243641],
      "ImageType": [
        "ORIGINAL",
        "PRIMARY",
        "M",
        "ND",
        "MOSAIC"
],
      "ImagedNucleus": "1H",
      "ImagingFrequency": 123.253669,
      "InPlanePhaseEncodingDirection": "COL",
      "MRAcquisitionType": "2D",
      "MagneticFieldStrength": 3.0,
      "Manufacturer": "SIEMENS",
      "ManufacturerModelName": "TrioTim",
      "Modality": "MR",
      "NumberOfAverages": 1.0,
      "NumberOfPhaseEncodingSteps": 64,
      "PercentPhaseFieldOfView": 100.0,
      "PercentSampling": 100.0,
      "PerformedProcedureStepStartTime": "134743.625000",
      "PhotometricInterpretation": "MONOCHROME2",
      "PixelBandwidth": 2520.0,
      "PixelRepresentation": 0,
      "PixelSpacing": [3.125, 3.125],
      "ProtocolName": "ge_func_3x3x4_164",
      "RepetitionTime": 2000.0,
      "Rows": 384,
      "SAR": 0.16067565936163,
      "SamplesPerPixel": 1,
      "ScanOptions": "FS",
      "ScanningSequence": "EP",
      "SequenceName": "*epfid2d1_64",
      "SequenceVariant": "SK",
      "SeriesDescription": "ge_func_3x3x4_164",
      "SeriesNumber": 4,
      "SeriesTime": "140352.328000",
      "SliceLocation": -60.115087693782,
      "SliceThickness": 4.0,
      "SmallestImagePixelValue": 0,
      "SoftwareVersions": "syngo MR B17",
      "SpacingBetweenSlices": 4.6000001035126,
      "SpecificCharacterSet": "ISO_IR 100",
      "StudyID": "1",
      "StudyTime": "134743.578000",
      "TransmitCoilName": "Body",
      "VariableFlipAngleFlag": "N",
      "WindowCenterWidthExplanation": "Algo1",
      "dBdt": 0.0},
