{
  "AcquisitionMatrixPE": 64,
  "AcquisitionNumber": 1,
  "AcquisitionTime": "14:45:10.495000",
  "BandwidthPerPixelPhaseEncode": 33.967,
  "BaseResolution": 64,
  "CoilCombinationMethod": "Sum of Squares",
  "CoilString": "C:HEA;HEP",
  "ConversionSoftware": "dcm2niix",
  "ConversionSoftwareVersion": "v1.0.20220720",
  "DerivedVendorReportedEchoSpacing": 0.000460005,
  "DeviceSerialNumber": "35193",
  "DwellTime": 3.1e-06,
  "EchoTime": 0.03,
  "EffectiveEchoSpacing": 0.000460005,
  "FlipAngle": 90,
  "HeudiconvVersion": "1.1.6",
  "ImageOrientationPatientDICOM": [0.9975, -0.0191975, 0.0680028, 0.019153, 0.999816, 0.00130572],
  "ImageOrientationText": "Tra>Sag(3.9)",
  "ImageType": [
    "ORIGINAL",
    "PRIMARY",
    "M",
    "ND",
    "MOSAIC"
],
  "ImagingFrequency": 123.254,
  "InPlanePhaseEncodingDirectionDICOM": "COL",
  "InstitutionAddress": "Xinjiekouwai Street No 19,Beijing,Haidian District,CN,100875",
  "InstitutionName": "Beijing Normal Universtiy/2773C4/",
  "InstitutionalDepartmentName": "Department",
  "MRAcquisitionType": "2D",
  "MagneticFieldStrength": 3,
  "Manufacturer": "Siemens",
  "ManufacturersModelName": "TrioTim",
  "MatrixCoilMode": "SENSE",
  "Modality": "MR",
  "NonlinearGradientCorrection": false,
  "PartialFourier": 1,
  "PatientPosition": "HFS",
  "PercentPhaseFOV": 100,
  "PercentSampling": 100,
  "PhaseEncodingDirection": "j-",
  "PhaseEncodingSteps": 64,
  "PhaseResolution": 1,
  "PixelBandwidth": 2520,
  "ProcedureStepDescription": "BNU_cst_2015^Guo.TaoMei",
  "ProtocolName": "ge_func_3x3x4_164",
  "PulseSequenceDetails": "%SiemensSeq%\\ep2d_bold",
  "ReceiveCoilName": "HeadMatrix",
  "ReconMatrixPE": 64,
  "RepetitionTime": 2,
  "SAR": 0.156162,
  "ScanOptions": "FS",
  "ScanningSequence": "EP",
  "SequenceName": "*epfid2d1_64",
  "SequenceVariant": "SK",
  "SeriesDescription": "ge_func_3x3x4_164",
  "SeriesNumber": 5,
  "ShimSetting": [-4422, -19421, -9852, 913, -69, -389, 82, -190],
  "SliceThickness": 4,
  "SliceTiming": [0, 1.035, 0.0625, 1.095, 0.1225, 1.1575, 0.1825, 1.2175, 0.245, 1.2775, 0.305, 1.34, 0.365, 1.4, 0.4275, 1.46, 0.4875, 1.5225, 0.5475, 1.5825, 0.61, 1.6425, 0.67, 1.705, 0.73, 1.765, 0.7925, 1.825, 0.8525, 1.8875, 0.9125, 1.9475, 0.975],
  "SoftwareVersions": "syngo MR B17",
  "SpacingBetweenSlices": 4.6,
  "StationName": "MRC35193",
  "TaskName": "LanguageControl",
  "TotalReadoutTime": 0.0289803,
  "TxRefAmp": 339.687,
  "dcmmeta_affine": [
    [-3.1171886920928955, 0.059853266924619675, 0.3128703236579895, 92.88866424560547],
    [0.059992190450429916, 3.1244239807128906, -8.93806806345765e-09, -89.33111572265625],
    [0.21250860393047333, -0.004080380313098431, 4.589347839355469, -64.58527374267578],
    [0.0, 0.0, 0.0, 1.0]
],
  "dcmmeta_reorient_transform": [
    [0.0, -1.0, 0.0, 63.0],
    [1.0, 0.0, 0.0, 0.0],
    [0.0, 0.0, 1.0, 0.0],
    [0.0, 0.0, 0.0, 1.0]
],
  "dcmmeta_shape": [64, 64, 33, 164],
  "dcmmeta_slice_dim": 2,
  "dcmmeta_version": 0.6,
  "global": {
    "const": {
      "AcquisitionMatrix": [64, 0, 0, 64],
      "AngioFlag": "N",
      "BitsAllocated": 16,
      "BitsStored": 12,
      "Columns": 384,
      "EchoNumbers": 1,
      "EchoTime": 30.0,
      "EchoTrainLength": 1,
      "FlipAngle": 90.0,
      "HighBit": 11,
      "ImageOrientationPatient": [0.99750041675186, -0.0191975015336, 0.06800275372906, 0.01915304560839, 0.99981571098621, 0.0013057216606],
      "ImagePositionPatient": [-604.98615223762, -597.81670833302, -99.496576627841],
      "ImageType": [
        "ORIGINAL",
        "PRIMARY",
        "M",
        "ND",
        "MOSAIC"
],
      "ImagedNucleus": "1H",
      "ImagingFrequency": 123.253673,
      "InPlanePhaseEncodingDirection": "COL",
      "MRAcquisitionType": "2D",
      "MagneticFieldStrength": 3.0,
      "Manufacturer": "SIEMENS",
      "ManufacturerModelName": "TrioTim",
      "Modality": "MR",
      "NumberOfAverages": 1.0,
      "NumberOfPhaseEncodingSteps": 64,
      "PercentPhaseFieldOfView": 100.0,
      "PercentSampling": 100.0,
      "PerformedProcedureStepStartTime": "142247.640000",
      "PhotometricInterpretation": "MONOCHROME2",
      "PixelBandwidth": 2520.0,
      "PixelRepresentation": 0,
      "PixelSpacing": [3.125, 3.125],
      "ProtocolName": "ge_func_3x3x4_164",
      "RepetitionTime": 2000.0,
      "Rows": 384,
      "SAR": 0.15616157851402,
      "SamplesPerPixel": 1,
      "ScanOptions": "FS",
      "ScanningSequence": "EP",
      "SequenceName": "*epfid2d1_64",
      "SequenceVariant": "SK",
      "SeriesDescription": "ge_func_3x3x4_164",
      "SeriesNumber": 5,
      "SeriesTime": "144602.125000",
      "SliceLocation": -58.117863999532,
      "SliceThickness": 4.0,
      "SmallestImagePixelValue": 0,
      "SoftwareVersions": "syngo MR B17",
      "SpacingBetweenSlices": 4.5999999175708,
      "SpecificCharacterSet": "ISO_IR 100",
      "StudyID": "1",
      "StudyTime": "142247.593000",
      "TransmitCoilName": "Body",
      "VariableFlipAngleFlag": "N",
      "WindowCenterWidthExplanation": "Algo1",
      "dBdt": 0.0},
