{
  "AcquisitionMatrixPE": 192,
  "AcquisitionNumber": 1,
  "AcquisitionTime": "14:15:1.785000",
  "BaseResolution": 256,
  "CoilCombinationMethod": "Adaptive Combine",
  "CoilString": "C:HEA;HEP",
  "ConversionSoftware": "dcm2niix",
  "ConversionSoftwareVersion": "v1.0.20220720",
  "DeviceSerialNumber": "35193",
  "DwellTime": 1.03e-05,
  "EchoTime": 0.00339,
  "FlipAngle": 7,
  "HeudiconvVersion": "1.1.6",
  "ImageOrientationPatientDICOM": [0.0401318, 0.999194, 4.43031e-09, 0.0104633, -0.000420246, -0.999945],
  "ImageOrientationText": "Sag>Cor(2.3)>Tra(-0.6)",
  "ImageType": [
    "ORIGINAL",
    "PRIMARY",
    "M",
    "ND",
    "NORM"
],
  "ImagingFrequency": 123.254,
  "InPlanePhaseEncodingDirectionDICOM": "ROW",
  "InstitutionAddress": "Xinjiekouwai Street No 19,Beijing,Haidian District,CN,100875",
  "InstitutionName": "Beijing Normal Universtiy/2773C4/",
  "InstitutionalDepartmentName": "Department",
  "InversionTime": 1.1,
  "MRAcquisitionType": "3D",
  "MagneticFieldStrength": 3,
  "Manufacturer": "Siemens",
  "ManufacturersModelName": "TrioTim",
  "MatrixCoilMode": "SENSE",
  "Modality": "MR",
  "NonlinearGradientCorrection": false,
  "PartialFourier": 1,
  "PatientPosition": "HFS",
  "PercentPhaseFOV": 100,
  "PercentSampling": 75,
  "PhaseEncodingSteps": 192,
  "PhaseResolution": 0.75,
  "PixelBandwidth": 190,
  "ProcedureStepDescription": "BNU_cst_2015^Guo.TaoMei",
  "ProtocolName": "t1_mprage_sag_144",
  "PulseSequenceDetails": "%SiemensSeq%\\tfl",
  "ReceiveCoilName": "HeadMatrix",
  "ReconMatrixPE": 256,
  "RepetitionTime": 2.53,
  "SAR": 0.0634926,
  "ScanOptions": "IR",
  "ScanningSequence": "GR\\IR",
  "SequenceName": "*tfl3d1_ns",
  "SequenceVariant": "SP\\MP",
  "SeriesDescription": "t1_mprage_sag_144",
  "SeriesNumber": 6,
  "ShimSetting": [-4496, -19282, -10204, 638, -140, 75, 97, -24],
  "SliceThickness": 1.33,
  "SoftwareVersions": "syngo MR B17",
  "StationName": "MRC35193",
  "TxRefAmp": 322.347,
  "dcmmeta_affine": [
    [1.3288557529449463, 0.04013178125023842, 0.010463323444128036, -98.74004364013672],
    [-0.0533723458647728, 0.9991943836212158, -0.00042024595313705504, -110.88729858398438],
    [-0.013927441090345383, -4.430305011737801e-09, 0.9999451637268066, -117.22614288330078],
    [0.0, 0.0, 0.0, 1.0]
],
  "dcmmeta_reorient_transform": [
    [0.0, 0.0, -1.0, 255.0],
    [0.0, -1.0, 0.0, 255.0],
    [-1.0, 0.0, 0.0, 143.0],
    [0.0, 0.0, 0.0, 1.0]
],
  "dcmmeta_shape": [144, 256, 256],
  "dcmmeta_slice_dim": 0,
  "dcmmeta_version": 0.6,
  "global": {
    "const": {
      "AcquisitionMatrix": [0, 256, 192, 0],
      "AcquisitionNumber": 1,
      "AcquisitionTime": "141501.785000",
      "AngioFlag": "N",
      "BitsAllocated": 16,
      "BitsStored": 12,
      "Columns": 256,
      "EchoNumbers": 1,
      "EchoTime": 3.39,
      "EchoTrainLength": 1,
      "FlipAngle": 7.0,
      "HighBit": 11,
      "ImageOrientationPatient": [0.04013178215714, 0.99919439553117, 4.4303048e-09, 0.01046332384775, -0.0004202459553, -0.9999451696205],
      "ImageType": [
        "ORIGINAL",
        "PRIMARY",
        "M",
        "ND",
        "NORM"
],
      "ImagedNucleus": "1H",
      "ImagingFrequency": 123.253758,
      "InPlanePhaseEncodingDirection": "ROW",
      "InversionTime": 1100.0,
      "MRAcquisitionType": "3D",
      "MagneticFieldStrength": 3.0,
      "Manufacturer": "SIEMENS",
      "ManufacturerModelName": "TrioTim",
      "Modality": "MR",
      "NumberOfAverages": 1.0,
      "NumberOfPhaseEncodingSteps": 192,
      "PercentPhaseFieldOfView": 100.0,
      "PercentSampling": 75.0,
      "PerformedProcedureStepStartTime": "134743.625000",
      "PhotometricInterpretation": "MONOCHROME2",
      "PixelBandwidth": 190.0,
      "PixelRepresentation": 0,
      "PixelSpacing": [1.0, 1.0],
      "ProtocolName": "t1_mprage_sag_144",
      "RepetitionTime": 2530.0,
      "Rows": 256,
      "SAR": 0.06349258746549,
      "SamplesPerPixel": 1,
      "ScanOptions": "IR",
      "ScanningSequence": [
        "GR",
        "IR"
],
      "SequenceName": "*tfl3d1_ns",
      "SequenceVariant": [
        "SP",
        "MP"
],
      "SeriesDescription": "t1_mprage_sag_144",
      "SeriesNumber": 6,
      "SeriesTime": "142309.187000",
      "SliceThickness": 1.3300000429153,
      "SmallestImagePixelValue": 0,
      "SoftwareVersions": "syngo MR B17",
      "SpecificCharacterSet": "ISO_IR 100",
      "StudyID": "1",
      "StudyTime": "134743.578000",
      "TransmitCoilName": "Body",
      "VariableFlipAngleFlag": "N",
      "WindowCenterWidthExplanation": "Algo1",
      "dBdt": 0.0},
