{
  "AcquisitionMatrixPE": 192,
  "AcquisitionNumber": 1,
  "AcquisitionTime": "11:44:8.782500",
  "BaseResolution": 256,
  "CoilCombinationMethod": "Adaptive Combine",
  "CoilString": "C:HEA;HEP",
  "ConversionSoftware": "dcm2niix",
  "ConversionSoftwareVersion": "v1.0.20220720",
  "DeviceSerialNumber": "35193",
  "DwellTime": 1.03e-05,
  "EchoTime": 0.00339,
  "FlipAngle": 7,
  "HeudiconvVersion": "1.1.6",
  "ImageOrientationPatientDICOM": [-0.0139622, 0.999903, -1.61701e-08, 0.00523545, 7.30894e-05, -0.999986],
  "ImageOrientationText": "Sag>Cor(-0.8)>Tra(-0.3)",
  "ImageType": [
    "ORIGINAL",
    "PRIMARY",
    "M",
    "ND",
    "NORM"
],
  "ImagingFrequency": 123.254,
  "InPlanePhaseEncodingDirectionDICOM": "ROW",
  "InstitutionAddress": "Xinjiekouwai Street No 19,Beijing,Haidian District,CN,100875",
  "InstitutionName": "Beijing Normal Universtiy/2773C4/",
  "InstitutionalDepartmentName": "Department",
  "InversionTime": 1.1,
  "MRAcquisitionType": "3D",
  "MagneticFieldStrength": 3,
  "Manufacturer": "Siemens",
  "ManufacturersModelName": "TrioTim",
  "MatrixCoilMode": "SENSE",
  "Modality": "MR",
  "NonlinearGradientCorrection": false,
  "PartialFourier": 1,
  "PatientPosition": "HFS",
  "PercentPhaseFOV": 100,
  "PercentSampling": 75,
  "PhaseEncodingSteps": 192,
  "PhaseResolution": 0.75,
  "PixelBandwidth": 190,
  "ProcedureStepDescription": "BNU_cst_2015^Guo.TaoMei",
  "ProtocolName": "t1_mprage_sag_144",
  "PulseSequenceDetails": "%SiemensSeq%\\tfl",
  "ReceiveCoilName": "HeadMatrix",
  "ReconMatrixPE": 256,
  "RepetitionTime": 2.53,
  "SAR": 0.0511291,
  "ScanOptions": "IR",
  "ScanningSequence": "GR\\IR",
  "SequenceName": "*tfl3d1_ns",
  "SequenceVariant": "SP\\MP",
  "SeriesDescription": "t1_mprage_sag_144",
  "SeriesNumber": 6,
  "ShimSetting": [-4496, -19282, -10204, 638, -140, 75, 97, -24],
  "SliceThickness": 1.33,
  "SoftwareVersions": "syngo MR B17",
  "StationName": "MRC35193",
  "TxRefAmp": 337.657,
  "dcmmeta_affine": [
    [1.3298521041870117, -0.013962214812636375, 0.005235449876636267, -93.97613525390625],
    [0.018569491803646088, 0.9999025464057922, 7.308943168027326e-05, -119.55314636230469],
    [-0.006963827181607485, 1.617006262222276e-08, 0.9999862909317017, -121.1027603149414],
    [0.0, 0.0, 0.0, 1.0]
],
  "dcmmeta_reorient_transform": [
    [0.0, 0.0, -1.0, 255.0],
    [0.0, -1.0, 0.0, 255.0],
    [-1.0, 0.0, 0.0, 143.0],
    [0.0, 0.0, 0.0, 1.0]
],
  "dcmmeta_shape": [144, 256, 256],
  "dcmmeta_slice_dim": 0,
  "dcmmeta_version": 0.6,
  "global": {
    "const": {
      "AcquisitionMatrix": [0, 256, 192, 0],
      "AcquisitionNumber": 1,
      "AcquisitionTime": "114408.782500",
      "AngioFlag": "N",
      "BitsAllocated": 16,
      "BitsStored": 12,
      "Columns": 256,
      "EchoNumbers": 1,
      "EchoTime": 3.39,
      "EchoTrainLength": 1,
      "FlipAngle": 7.0,
      "HighBit": 11,
      "ImageOrientationPatient": [-0.0139622145088, 0.99990252353217, -1.61700619e-08, 0.00523545008795, 7.308943184e-05, -0.9999862922662],
      "ImageType": [
        "ORIGINAL",
        "PRIMARY",
        "M",
        "ND",
        "NORM"
],
      "ImagedNucleus": "1H",
      "ImagingFrequency": 123.253758,
      "InPlanePhaseEncodingDirection": "ROW",
      "InversionTime": 1100.0,
      "MRAcquisitionType": "3D",
      "MagneticFieldStrength": 3.0,
      "Manufacturer": "SIEMENS",
      "ManufacturerModelName": "TrioTim",
      "Modality": "MR",
      "NumberOfAverages": 1.0,
      "NumberOfPhaseEncodingSteps": 192,
      "PercentPhaseFieldOfView": 100.0,
      "PercentSampling": 75.0,
      "PerformedProcedureStepStartTime": "111554.546000",
      "PhotometricInterpretation": "MONOCHROME2",
      "PixelBandwidth": 190.0,
      "PixelRepresentation": 0,
      "PixelSpacing": [1.0, 1.0],
      "ProtocolName": "t1_mprage_sag_144",
      "RepetitionTime": 2530.0,
      "Rows": 256,
      "SAR": 0.05112907395821,
      "SamplesPerPixel": 1,
      "ScanOptions": "IR",
      "ScanningSequence": [
        "GR",
        "IR"
],
      "SequenceName": "*tfl3d1_ns",
      "SequenceVariant": [
        "SP",
        "MP"
],
      "SeriesDescription": "t1_mprage_sag_144",
      "SeriesNumber": 6,
      "SeriesTime": "115215.953000",
      "SliceThickness": 1.3300000429153,
      "SmallestImagePixelValue": 0,
      "SoftwareVersions": "syngo MR B17",
      "SpecificCharacterSet": "ISO_IR 100",
      "StudyID": "1",
      "StudyTime": "111554.500000",
      "TransmitCoilName": "Body",
      "VariableFlipAngleFlag": "N",
      "WindowCenterWidthExplanation": "Algo1",
      "dBdt": 0.0},
