{
  "AcquisitionMatrixPE": 64,
  "AcquisitionNumber": 1,
  "AcquisitionTime": "11:15:57.175000",
  "BandwidthPerPixelPhaseEncode": 33.967,
  "BaseResolution": 64,
  "CoilCombinationMethod": "Sum of Squares",
  "CoilString": "C:HEA;HEP",
  "ConversionSoftware": "dcm2niix",
  "ConversionSoftwareVersion": "v1.0.20220720",
  "DerivedVendorReportedEchoSpacing": 0.000460005,
  "DeviceSerialNumber": "35193",
  "DwellTime": 3.1e-06,
  "EchoTime": 0.03,
  "EffectiveEchoSpacing": 0.000460005,
  "FlipAngle": 90,
  "HeudiconvVersion": "1.1.6",
  "ImageOrientationPatientDICOM": [0.99981, -0.00349067, -0.0191973, 0.00349003, 0.999994, -6.70118e-05],
  "ImageOrientationText": "Tra>Sag(-1.1)",
  "ImageType": [
    "ORIGINAL",
    "PRIMARY",
    "M",
    "ND",
    "MOSAIC"
],
  "ImagingFrequency": 123.254,
  "InPlanePhaseEncodingDirectionDICOM": "COL",
  "InstitutionAddress": "Xinjiekouwai Street No 19,Beijing,Haidian District,CN,100875",
  "InstitutionName": "Beijing Normal Universtiy/4C3F54/",
  "InstitutionalDepartmentName": "Department",
  "MRAcquisitionType": "2D",
  "MagneticFieldStrength": 3,
  "Manufacturer": "Siemens",
  "ManufacturersModelName": "TrioTim",
  "MatrixCoilMode": "SENSE",
  "Modality": "MR",
  "NonlinearGradientCorrection": false,
  "PartialFourier": 1,
  "PatientPosition": "HFS",
  "PercentPhaseFOV": 100,
  "PercentSampling": 100,
  "PhaseEncodingDirection": "j-",
  "PhaseEncodingSteps": 64,
  "PhaseResolution": 1,
  "PixelBandwidth": 2520,
  "ProcedureStepDescription": "BNU_cst_2015^Guo.TaoMei",
  "ProtocolName": "ge_func_3x3x4_164",
  "PulseSequenceDetails": "%SiemensSeq%\\ep2d_bold",
  "ReceiveCoilName": "HeadMatrix",
  "ReconMatrixPE": 64,
  "RepetitionTime": 2,
  "SAR": 0.1484,
  "ScanOptions": "FS",
  "ScanningSequence": "EP",
  "SequenceName": "*epfid2d1_64",
  "SequenceVariant": "SK",
  "SeriesDescription": "ge_func_3x3x4_164",
  "SeriesNumber": 5,
  "ShimSetting": [-4495, -19440, -9827, 1020, -174, -511, 174, -12],
  "SliceThickness": 4,
  "SliceTiming": [0, 1.035, 0.0625, 1.095, 0.1225, 1.1575, 0.1825, 1.2175, 0.245, 1.2775, 0.305, 1.34, 0.365, 1.4, 0.4275, 1.46, 0.4875, 1.5225, 0.5475, 1.5825, 0.61, 1.6425, 0.67, 1.705, 0.73, 1.765, 0.7925, 1.825, 0.8525, 1.8875, 0.9125, 1.9475, 0.975],
  "SoftwareVersions": "syngo MR B17",
  "SpacingBetweenSlices": 4.6,
  "StationName": "MRC35193",
  "TaskName": "LanguageControl",
  "TotalReadoutTime": 0.0289803,
  "TxRefAmp": 352.338,
  "dcmmeta_affine": [
    [-3.1244051456451416, 0.010906343348324299, -0.08830823004245758, 113.20037841796875],
    [0.010908354073762894, 3.124980926513672, 8.731289580232726e-10, -79.68130493164062],
    [-0.059991639107465744, 0.00020941189723089337, 4.599152088165283, -61.552711486816406],
    [0.0, 0.0, 0.0, 1.0]
],
  "dcmmeta_reorient_transform": [
    [0.0, -1.0, 0.0, 63.0],
    [1.0, 0.0, 0.0, 0.0],
    [0.0, 0.0, 1.0, 0.0],
    [0.0, 0.0, 0.0, 1.0]
],
  "dcmmeta_shape": [64, 64, 33, 164],
  "dcmmeta_slice_dim": 2,
  "dcmmeta_version": 0.6,
  "global": {
    "const": {
      "AcquisitionMatrix": [64, 0, 0, 64],
      "AngioFlag": "N",
      "BitsAllocated": 16,
      "BitsStored": 12,
      "Columns": 384,
      "EchoNumbers": 1,
      "EchoTime": 30.0,
      "EchoTrainLength": 1,
      "FlipAngle": 90.0,
      "HighBit": 11,
      "ImageOrientationPatient": [0.99980962083479, -0.0034906732245, -0.0191973249862, 0.00349002993943, 0.99999390758166, -6.70118068e-05],
      "ImagePositionPatient": [-615.53730084051, -615.44411018521, -51.907351751105],
      "ImageType": [
        "ORIGINAL",
        "PRIMARY",
        "M",
        "ND",
        "MOSAIC"
],
      "ImagedNucleus": "1H",
      "ImagingFrequency": 123.253683,
      "InPlanePhaseEncodingDirection": "COL",
      "MRAcquisitionType": "2D",
      "MagneticFieldStrength": 3.0,
      "Manufacturer": "SIEMENS",
      "ManufacturerModelName": "TrioTim",
      "Modality": "MR",
      "NumberOfAverages": 1.0,
      "NumberOfPhaseEncodingSteps": 64,
      "PercentPhaseFieldOfView": 100.0,
      "PercentSampling": 100.0,
      "PerformedProcedureStepStartTime": "105437.656000",
      "PhotometricInterpretation": "MONOCHROME2",
      "PixelBandwidth": 2520.0,
      "PixelRepresentation": 0,
      "PixelSpacing": [3.125, 3.125],
      "ProtocolName": "ge_func_3x3x4_164",
      "RepetitionTime": 2000.0,
      "Rows": 384,
      "SAR": 0.1483998875205,
      "SamplesPerPixel": 1,
      "ScanOptions": "FS",
      "ScanningSequence": "EP",
      "SequenceName": "*epfid2d1_64",
      "SequenceVariant": "SK",
      "SeriesDescription": "ge_func_3x3x4_164",
      "SeriesNumber": 5,
      "SeriesTime": "111642.140000",
      "SliceLocation": -63.714527336504,
      "SliceThickness": 4.0,
      "SmallestImagePixelValue": 0,
      "SoftwareVersions": "syngo MR B17",
      "SpacingBetweenSlices": 4.5999999318178,
      "SpecificCharacterSet": "ISO_IR 100",
      "StudyID": "2",
      "StudyTime": "105437.609000",
      "TransmitCoilName": "Body",
      "VariableFlipAngleFlag": "N",
      "WindowCenterWidthExplanation": "Algo1",
      "dBdt": 0.0},
