{
  "AcquisitionMatrixPE": 192,
  "AcquisitionNumber": 1,
  "AcquisitionTime": "09:24:37.512500",
  "BaseResolution": 256,
  "CoilCombinationMethod": "Adaptive Combine",
  "CoilString": "C:HEA;HEP",
  "ConversionSoftware": "dcm2niix",
  "ConversionSoftwareVersion": "v1.0.20220720",
  "DeviceSerialNumber": "35193",
  "DwellTime": 1.03e-05,
  "EchoTime": 0.00339,
  "FlipAngle": 7,
  "HeudiconvVersion": "1.1.6",
  "ImageOrientationPatientDICOM": [0.0209425, 0.999781, -3.7403e-08, 0.0488391, -0.00102307, -0.998806],
  "ImageOrientationText": "Sag>Tra(-2.8)>Cor(1.2)",
  "ImageType": [
    "ORIGINAL",
    "PRIMARY",
    "M",
    "ND",
    "NORM"
],
  "ImagingFrequency": 123.254,
  "InPlanePhaseEncodingDirectionDICOM": "ROW",
  "InstitutionAddress": "Xinjiekouwai Street No 19,Beijing,Haidian District,CN,100875",
  "InstitutionName": "Beijing Normal Universtiy/577BC4/",
  "InstitutionalDepartmentName": "Department",
  "InversionTime": 1.1,
  "MRAcquisitionType": "3D",
  "MagneticFieldStrength": 3,
  "Manufacturer": "Siemens",
  "ManufacturersModelName": "TrioTim",
  "MatrixCoilMode": "SENSE",
  "Modality": "MR",
  "NonlinearGradientCorrection": false,
  "PartialFourier": 1,
  "PatientPosition": "HFS",
  "PercentPhaseFOV": 100,
  "PercentSampling": 75,
  "PhaseEncodingSteps": 192,
  "PhaseResolution": 0.75,
  "PixelBandwidth": 190,
  "ProcedureStepDescription": "BNU_cst_2011^Gong.GaoLang",
  "ProtocolName": "t1_mprage_sag_144",
  "PulseSequenceDetails": "%SiemensSeq%\\tfl",
  "ReceiveCoilName": "HeadMatrix",
  "ReconMatrixPE": 256,
  "RepetitionTime": 2.53,
  "SAR": 0.048976,
  "ScanOptions": "IR",
  "ScanningSequence": "GR\\IR",
  "SequenceName": "*tfl3d1_ns",
  "SequenceVariant": "SP\\MP",
  "SeriesDescription": "t1_mprage_sag_144",
  "SeriesNumber": 6,
  "ShimSetting": [-4506, -19309, -10187, 602, -129, 59, 39, -36],
  "SliceThickness": 1.33,
  "SoftwareVersions": "syngo MR B17",
  "StationName": "MRC35193",
  "TxRefAmp": 337.717,
  "dcmmeta_affine": [
    [1.3281208276748657, 0.020942457020282745, 0.04883909225463867, -112.5942153930664],
    [-0.02782021462917328, 0.9997806549072266, -0.0010230722837150097, -105.30892181396484],
    [-0.0649702399969101, 3.7402994479407425e-08, 0.9988061189651489, -100.6126480102539],
    [0.0, 0.0, 0.0, 1.0]
],
  "dcmmeta_reorient_transform": [
    [0.0, 0.0, -1.0, 255.0],
    [0.0, -1.0, 0.0, 255.0],
    [-1.0, 0.0, 0.0, 143.0],
    [0.0, 0.0, 0.0, 1.0]
],
  "dcmmeta_shape": [144, 256, 256],
  "dcmmeta_slice_dim": 0,
  "dcmmeta_version": 0.6,
  "global": {
    "const": {
      "AcquisitionMatrix": [0, 256, 192, 0],
      "AcquisitionNumber": 1,
      "AcquisitionTime": "092437.512500",
      "AngioFlag": "N",
      "BitsAllocated": 16,
      "BitsStored": 12,
      "Columns": 256,
      "EchoNumbers": 1,
      "EchoTime": 3.39,
      "EchoTrainLength": 1,
      "FlipAngle": 7.0,
      "HighBit": 11,
      "ImageOrientationPatient": [0.02094245774345, 0.99978068268179, -3.74029943e-08, 0.04883909077233, -0.0010230723305, -0.9988061356117],
      "ImageType": [
        "ORIGINAL",
        "PRIMARY",
        "M",
        "ND",
        "NORM"
],
      "ImagedNucleus": "1H",
      "ImagingFrequency": 123.253676,
      "InPlanePhaseEncodingDirection": "ROW",
      "InversionTime": 1100.0,
      "MRAcquisitionType": "3D",
      "MagneticFieldStrength": 3.0,
      "Manufacturer": "SIEMENS",
      "ManufacturerModelName": "TrioTim",
      "Modality": "MR",
      "NumberOfAverages": 1.0,
      "NumberOfPhaseEncodingSteps": 192,
      "PercentPhaseFieldOfView": 100.0,
      "PercentSampling": 75.0,
      "PerformedProcedureStepStartTime": "085637.828000",
      "PhotometricInterpretation": "MONOCHROME2",
      "PixelBandwidth": 190.0,
      "PixelRepresentation": 0,
      "PixelSpacing": [1.0, 1.0],
      "ProtocolName": "t1_mprage_sag_144",
      "RepetitionTime": 2530.0,
      "Rows": 256,
      "SAR": 0.04897596932396,
      "SamplesPerPixel": 1,
      "ScanOptions": "IR",
      "ScanningSequence": [
        "GR",
        "IR"
],
      "SequenceName": "*tfl3d1_ns",
      "SequenceVariant": [
        "SP",
        "MP"
],
      "SeriesDescription": "t1_mprage_sag_144",
      "SeriesNumber": 6,
      "SeriesTime": "093245.093000",
      "SliceThickness": 1.3300000429153,
      "SmallestImagePixelValue": 0,
      "SoftwareVersions": "syngo MR B17",
      "SpecificCharacterSet": "ISO_IR 100",
      "StudyID": "1",
      "StudyTime": "085636.781000",
      "TransmitCoilName": "Body",
      "VariableFlipAngleFlag": "N",
      "WindowCenterWidthExplanation": "Algo1",
      "dBdt": 0.0},
